GIT
  remote: https://github.com/agrare/manageiq-providers-inventory
  revision: 7f17698fbe155a4babfb88c144523f7f093bc9ee
  specs:
    manageiq-providers-inventory (0.0.1)
      activesupport (>= 5.0, < 5.1)

GEM
  remote: https://rubygems.org/
  specs:
    activesupport (5.0.3)
      concurrent-ruby (~> 1.0, >= 1.0.2)
      i18n (~> 0.7)
      minitest (~> 5.1)
      tzinfo (~> 1.1)
    builder (3.2.3)
    concurrent-ruby (1.0.5)
    i18n (0.8.4)
    json (2.1.0)
    mini_portile2 (2.2.0)
    minitest (5.10.2)
    nokogiri (1.8.0)
      mini_portile2 (~> 2.2.0)
    rbvmomi (1.11.2)
      builder (~> 3.0)
      json (>= 1.8)
      nokogiri (~> 1.5)
      trollop (~> 2.1)
    thread_safe (0.3.6)
    trollop (2.1.2)
    tzinfo (1.2.3)
      thread_safe (~> 0.1)

PLATFORMS
  ruby

DEPENDENCIES
  manageiq-providers-inventory!
  rbvmomi
  trollop

BUNDLED WITH
   1.13.6
